GEM
  remote: http://rubygems.org/
  specs:
    hologram (1.4.0)
      redcarpet (>= 2.2, < 4.0)
      rouge (>= 1.5)
    rake (12.0.0)
    redcarpet (3.4.0)
    rouge (2.0.7)
    sass (3.4.23)
    scss_lint (0.53.0)
      rake (>= 0.9, < 13)
      sass (~> 3.4.20)

PLATFORMS
  ruby

DEPENDENCIES
  hologram (= 1.4.0)
  scss_lint (= 0.53.0)

BUNDLED WITH
   1.13.7
